PATH
  remote: .
  specs:
    my_stdlib (0.0.0)

GEM
  remote: https://rubygems.org/
  specs:

PLATFORMS
  ruby

DEPENDENCIES
  my_stdlib!

BUNDLED WITH
   2.1.4
